GEM
  remote: http://rubygems.org/
  specs:
    aws-s3 (0.6.2)
      builder
      mime-types
      xml-simple
    builder (3.0.0)
    haml (3.1.4)
    mime-types (1.18)
    rack (1.4.1)
    rack-protection (1.2.0)
      rack
    rmagick (2.13.1)
    sass (3.1.15)
    sinatra (1.3.2)
      rack (~> 1.3, >= 1.3.6)
      rack-protection (~> 1.2)
      tilt (~> 1.3, >= 1.3.3)
    tilt (1.3.3)
    xml-simple (1.1.1)

PLATFORMS
  ruby

DEPENDENCIES
  aws-s3 (~> 0.6.2)
  haml (~> 3.1.3)
  rmagick (~> 2.13.1)
  sass (~> 3.1.8)
  sinatra (~> 1.3.0)
